GEM
  remote: https://rubygems.org/
  specs:
    activesupport (5.2.2)
      concurrent-ruby (~> 1.0, >= 1.0.2)
      i18n (>= 0.7, < 2)
      minitest (~> 5.1)
      tzinfo (~> 1.1)
    addressable (2.6.0)
      public_suffix (>= 2.0.2, < 4.0)
    aws-sdk (2.11.217)
      aws-sdk-resources (= 2.11.217)
    aws-sdk-core (2.11.217)
      aws-sigv4 (~> 1.0)
      jmespath (~> 1.0)
    aws-sdk-resources (2.11.217)
      aws-sdk-core (= 2.11.217)
    aws-sigv4 (1.0.3)
    colored (1.2)
    colorize (0.8.1)
    concurrent-ruby (1.1.4)
    configure-s3-website (2.3.0)
      aws-sdk (~> 2)
      deep_merge (~> 1.0.0)
    deep_merge (1.0.1)
    dotenv (1.0.2)
    ethon (0.12.0)
      ffi (>= 1.3.0)
    ffi (1.10.0)
    html-proofer (3.10.2)
      activesupport (>= 4.2, < 6.0)
      addressable (~> 2.3)
      colorize (~> 0.8)
      mercenary (~> 0.3.2)
      nokogiri (~> 1.9)
      parallel (~> 1.3)
      typhoeus (~> 1.3)
      yell (~> 2.0)
    i18n (1.5.3)
      concurrent-ruby (~> 1.0)
    jmespath (1.4.0)
    mercenary (0.3.6)
    mini_portile2 (2.4.0)
    minitest (5.11.3)
    nokogiri (1.10.1)
      mini_portile2 (~> 2.4.0)
    parallel (1.13.0)
    public_suffix (3.0.3)
    rake (12.3.2)
    s3_website (3.4.0)
      colored (= 1.2)
      configure-s3-website (= 2.3.0)
      dotenv (~> 1.0)
      thor (~> 0.18)
    thor (0.20.3)
    thread_safe (0.3.6)
    typhoeus (1.3.1)
      ethon (>= 0.9.0)
    tzinfo (1.2.5)
      thread_safe (~> 0.1)
    yell (2.0.7)

PLATFORMS
  ruby

DEPENDENCIES
  dotenv
  html-proofer
  rake
  s3_website

BUNDLED WITH
   1.17.2
